PATH
  remote: .
  specs:
    database-exporter (0.0.1)
      activesupport (~> 4.1)
      escort (~> 0.4.0)
      http (~> 0.6)
      i18n (~> 0.6)
      multi_json (~> 1)
      mysql2 (~> 0.3)
      pg (~> 0.17.0)
      sequel (~> 4.15)

GEM
  remote: https://rubygems.org/
  specs:
    activesupport (4.1.8)
      i18n (~> 0.6, >= 0.6.9)
      json (~> 1.7, >= 1.7.7)
      minitest (~> 5.1)
      thread_safe (~> 0.1)
      tzinfo (~> 1.1)
    escort (0.4.0)
      nesty
    http (0.6.3)
      http_parser.rb (~> 0.6.0)
    http_parser.rb (0.6.0)
    i18n (0.6.11)
    json (1.8.1)
    minitest (5.4.3)
    multi_json (1.10.1)
    mysql2 (0.3.17)
    nesty (1.0.2)
    pg (0.17.1)
    rake (10.3.2)
    sequel (4.17.0)
    thread_safe (0.3.4)
    tzinfo (1.2.2)
      thread_safe (~> 0.1)

PLATFORMS
  ruby

DEPENDENCIES
  bundler (~> 1.6)
  database-exporter!
  rake
